GEM
  remote: https://rubygems.org/
  specs:
    dotenv (2.5.0)

PLATFORMS
  ruby

DEPENDENCIES
  dotenv (~> 2.5.0)

RUBY VERSION
   ruby 2.5.1p57

BUNDLED WITH
   1.16.2
